GEM
  remote: https://rubygems.org/
  specs:
    binding_of_caller (0.8.0)
      debug_inspector (>= 0.0.1)
    coderay (1.1.3)
    debug_inspector (0.0.3)
    interception (0.5)
    method_source (1.0.0)
    pry (0.13.1)
      coderay (~> 1.1)
      method_source (~> 1.0)
    pry-rescue (1.5.2)
      interception (>= 0.5)
      pry (>= 0.12.0)
    pry-stack_explorer (0.5.1)
      binding_of_caller (~> 0.7)
      pry (~> 0.13)
    rake (13.0.1)
    sorbet (0.5.6141)
      sorbet-static (= 0.5.6141)
    sorbet-runtime (0.5.6141)
    sorbet-static (0.5.6141-universal-darwin-14)

PLATFORMS
  ruby

DEPENDENCIES
  pry
  pry-rescue
  pry-stack_explorer
  rake
  sorbet
  sorbet-runtime

BUNDLED WITH
   2.1.4
